GEM
  remote: https://rubygems.org/
  specs:
    byebug (11.0.1)
    webrick (1.6.0)

PLATFORMS
  ruby

DEPENDENCIES
  byebug
  webrick

BUNDLED WITH
   2.0.2
