GEM
  remote: https://rubygems.org/
  specs:
    byebug (11.0.1)
    murmurhash3 (0.1.6)
    unleash (0.1.6)
      murmurhash3 (~> 0.1.6)
    webrick (1.6.0)

PLATFORMS
  ruby

DEPENDENCIES
  byebug
  unleash (~> 0.1.6)
  webrick

BUNDLED WITH
   2.0.2
